GIT
  remote: https://github.com/ZurgInq/rspec-rails-swagger
  revision: 9051854340780d9b9a60811f2f8d230cc99ef570
  specs:
    rspec-rails-swagger (0.1.4)
      activesupport

GEM
  remote: https://rubygems.org/
  specs:
    activesupport (4.2.10)
      i18n (~> 0.7)
      minitest (~> 5.1)
      thread_safe (~> 0.3, >= 0.3.4)
      tzinfo (~> 1.1)
    colorize (0.8.1)
    concurrent-ruby (1.0.5)
    diff-lcs (1.3)
    domain_name (0.5.20170404)
      unf (>= 0.0.5, < 1.0.0)
    hashie (3.5.7)
    http-cookie (1.0.3)
      domain_name (~> 0.5)
    i18n (0.9.5)
      concurrent-ruby (~> 1.0)
    json (1.8.6)
    little-plugger (1.1.4)
    logging (1.8.2)
      little-plugger (>= 1.1.3)
      multi_json (>= 1.8.4)
    logging_factory (0.0.3)
      logging (~> 1.8.1)
      preconditions (~> 0.3.0)
    mime-types (2.99.3)
    minitest (5.11.3)
    mockserver-client (1.0.7)
      activesupport (~> 4.1)
      colorize (~> 0.7)
      hashie (~> 3.0)
      json (~> 1.8)
      logging_factory (~> 0.0.2)
      rest-client (~> 1.7)
      thor (~> 0.19)
    multi_json (1.13.1)
    netrc (0.11.0)
    preconditions (0.3.0)
    rest-client (1.8.0)
      http-cookie (>= 1.0.2, < 2.0)
      mime-types (>= 1.16, < 3.0)
      netrc (~> 0.7)
    rspec (3.7.0)
      rspec-core (~> 3.7.0)
      rspec-expectations (~> 3.7.0)
      rspec-mocks (~> 3.7.0)
    rspec-core (3.7.1)
      rspec-support (~> 3.7.0)
    rspec-expectations (3.7.0)
      diff-lcs (>= 1.2.0, < 2.0)
      rspec-support (~> 3.7.0)
    rspec-mocks (3.7.0)
      diff-lcs (>= 1.2.0, < 2.0)
      rspec-support (~> 3.7.0)
    rspec-support (3.7.1)
    thor (0.20.0)
    thread_safe (0.3.6)
    tzinfo (1.2.5)
      thread_safe (~> 0.1)
    unf (0.1.4)
      unf_ext
    unf_ext (0.0.7.5)

PLATFORMS
  ruby

DEPENDENCIES
  mockserver-client
  rest-client (~> 1.7)
  rspec
  rspec-rails-swagger!

BUNDLED WITH
   1.16.1
